PATH
  remote: ../workos-ruby
  specs:
    workos (0.0.2)
      sorbet-runtime (= 0.4.5144)

GEM
  remote: https://rubygems.org/
  specs:
    coderay (1.1.2)
    method_source (0.9.2)
    mustermann (1.0.3)
    pry (0.12.2)
      coderay (~> 1.1.0)
      method_source (~> 0.9.0)
    rack (2.0.7)
    rack-protection (2.0.7)
      rack
    sinatra (2.0.7)
      mustermann (~> 1.0)
      rack (~> 2.0)
      rack-protection (= 2.0.7)
      tilt (~> 2.0)
    sorbet-runtime (0.4.5144)
    tilt (2.0.10)

PLATFORMS
  ruby

DEPENDENCIES
  pry
  sinatra
  workos!

BUNDLED WITH
   2.1.0
