GEM
  remote: https://rubygems.org/
  specs:
    rack (1.6.11)
    rack-protection (1.5.5)
      rack
    sinatra (1.4.8)
      rack (~> 1.5)
      rack-protection (~> 1.4)
      tilt (>= 1.3, < 3)
    sorbet-runtime (0.4.5136)
    tilt (2.0.10)
    workos (0.0.1)
      rack (~> 1.6.4)
      sorbet-runtime

PLATFORMS
  ruby

DEPENDENCIES
  sinatra
  workos

BUNDLED WITH
   2.0.2
